GIT
  remote: https://github.com/Coursemology/active_record-acts_as
  revision: 84a2b5f0329870c6c4a72b097b6d7f1344b536e4
  branch: rails5
  specs:
    active_record-acts_as (2.5.0.3)
      activerecord (>= 4.2, < 5.2)
      activesupport (>= 4.2, < 5.2)

GIT
  remote: https://github.com/Coursemology/polyglot
  revision: b946657046bdd8e0a51e18b82bded9b71ffde596
  specs:
    coursemology-polyglot (0.2.9.2)
      activesupport (>= 4.2, < 5.2)

GIT
  remote: https://github.com/Coursemology/rails.git
  revision: 50223439829b6cb461783a322cdcc2a51515d84c
  branch: v5.1.6-fix_association_with_scope_including_joins
  specs:
    actioncable (5.1.6)
      actionpack (= 5.1.6)
      nio4r (~> 2.0)
      websocket-driver (~> 0.6.1)
    actionmailer (5.1.6)
      actionpack (= 5.1.6)
      actionview (= 5.1.6)
      activejob (= 5.1.6)
      mail (~> 2.5, >= 2.5.4)
      rails-dom-testing (~> 2.0)
    actionpack (5.1.6)
      actionview (= 5.1.6)
      activesupport (= 5.1.6)
      rack (~> 2.0)
      rack-test (>= 0.6.3)
      rails-dom-testing (~> 2.0)
      rails-html-sanitizer (~> 1.0, >= 1.0.2)
    actionview (5.1.6)
      activesupport (= 5.1.6)
      builder (~> 3.1)
      erubi (~> 1.4)
      rails-dom-testing (~> 2.0)
      rails-html-sanitizer (~> 1.0, >= 1.0.3)
    activejob (5.1.6)
      activesupport (= 5.1.6)
      globalid (>= 0.3.6)
    activemodel (5.1.6)
      activesupport (= 5.1.6)
    activerecord (5.1.6)
      activemodel (= 5.1.6)
      activesupport (= 5.1.6)
      arel (~> 8.0)
    activesupport (5.1.6)
      concurrent-ruby (~> 1.0, >= 1.0.2)
      i18n (>= 0.7, < 2)
      minitest (~> 5.1)
      tzinfo (~> 1.1)
    rails (5.1.6)
      actioncable (= 5.1.6)
      actionmailer (= 5.1.6)
      actionpack (= 5.1.6)
      actionview (= 5.1.6)
      activejob (= 5.1.6)
      activemodel (= 5.1.6)
      activerecord (= 5.1.6)
      activesupport (= 5.1.6)
      bundler (>= 1.3.0)
      railties (= 5.1.6)
      sprockets-rails (>= 2.0.0)
    railties (5.1.6)
      actionpack (= 5.1.6)
      activesupport (= 5.1.6)
      method_source
      rake (>= 0.8.7)
      thor (>= 0.18.1, < 2.0)

GIT
  remote: https://github.com/Coursemology/simple_form-bootstrap
  revision: ba048ab714904d9e4fc1407bee33e7b5a1f832b9
  specs:
    simple_form-bootstrap (1.6.0)
      actionpack (>= 4.1, < 6)
      activemodel (>= 4.1, < 6)
      bootstrap-sass (~> 3)
      railties (>= 4.1, < 6)
      simple_form (>= 3.1.0)

GIT
  remote: https://github.com/Coursemology/themes_on_rails
  revision: c96d43d479fc307b5227ad18e891fcf347d1e22b
  branch: cache-theme-templates
  specs:
    themes_on_rails (0.4.0)
      rails (>= 3.2)

GIT
  remote: https://github.com/doabit/bootstrap-sass-extras
  revision: 6aa549b91a66055a5f5e37400dbe44f4d17f09c3
  specs:
    bootstrap-sass-extras (0.0.7)
      rails (>= 3.1.0)

GIT
  remote: https://github.com/lowjoel/activerecord-userstamp
  revision: 752f1e30ed8a2f0b09408bcdfa2c2dad1e5523c4
  specs:
    activerecord-userstamp (3.0.5)
      rails (>= 4.1)

GIT
  remote: https://github.com/makqien/rwordnet
  revision: 54a85eed974002cb2cfb858cbcaed8e1069b5cb8
  specs:
    rwordnet (2.0.0)

GEM
  remote: https://rubygems.org/
  specs:
    active_record_upsert (0.9.4)
      activerecord (>= 5.0, < 6.0)
      arel (> 7.0, < 10.0)
      pg (>= 0.18, < 2.0)
    activerecord-import (0.27.0)
      activerecord (>= 3.2)
    acts_as_tenant (0.4.3)
      rails (>= 4.0)
      request_store (>= 1.0.5)
    addressable (2.5.2)
      public_suffix (>= 2.0.2, < 4.0)
    after_commit_action (1.1.0)
      activerecord (>= 3.0.0)
      activesupport (>= 3.0.0)
    anbt-sql-formatter (0.0.6)
    archive-zip (0.11.0)
      io-like (~> 0.3.0)
    arel (8.0.0)
    ast (2.4.0)
    autoprefixer-rails (9.3.1)
      execjs
    awesome_print (1.8.0)
    aws-eventstream (1.0.1)
    aws-partitions (1.106.0)
    aws-sdk-core (3.35.0)
      aws-eventstream (~> 1.0)
      aws-partitions (~> 1.0)
      aws-sigv4 (~> 1.0)
      jmespath (~> 1.0)
    aws-sdk-kms (1.11.0)
      aws-sdk-core (~> 3, >= 3.26.0)
      aws-sigv4 (~> 1.0)
    aws-sdk-s3 (1.23.0)
      aws-sdk-core (~> 3, >= 3.26.0)
      aws-sdk-kms (~> 1)
      aws-sigv4 (~> 1.0)
    aws-sigv4 (1.0.3)
    baby_squeel (1.3.1)
      activerecord (>= 4.2.0)
      join_dependency (~> 0.1.2)
      polyamorous (~> 1.3)
    bcrypt (3.1.12)
    bootstrap-sass (3.3.7)
      autoprefixer-rails (>= 5.2.1)
      sass (>= 3.3.4)
    bootstrap-select-rails (1.12.4)
    bootstrap3-datetimepicker-rails (4.17.47)
      momentjs-rails (>= 2.8.1)
    bootstrap_tokenfield_rails (0.12.1)
    builder (3.2.3)
    bullet (5.7.6)
      activesupport (>= 3.0.0)
      uniform_notifier (~> 1.11.0)
    byebug (10.0.2)
    calculated_attributes (0.3.0)
      activerecord (>= 3.2.20)
    cancancan (2.3.0)
    cancancan-baby_squeel (0.2.0)
      activerecord (>= 4.1, < 5.2.1)
      baby_squeel (>= 1.1.5)
      cancancan (>= 1.10)
    capybara (3.10.0)
      addressable
      mini_mime (>= 0.1.3)
      nokogiri (~> 1.8)
      rack (>= 1.6.0)
      rack-test (>= 0.6.3)
      regexp_parser (~> 1.2)
      xpath (~> 3.2)
    capybara-screenshot (1.0.21)
      capybara (>= 1.0, < 4)
      launchy
    capybara-selenium (0.0.6)
      capybara
      selenium-webdriver
    carrierwave (1.2.3)
      activemodel (>= 4.0.0)
      activesupport (>= 4.0.0)
      mime-types (>= 1.16)
    childprocess (0.9.0)
      ffi (~> 1.0, >= 1.0.11)
    chromedriver-helper (2.1.0)
      archive-zip (~> 0.10)
      nokogiri (~> 1.8)
    cocoon (1.2.11)
    codecov (0.1.13)
      json
      simplecov
      url
    concurrent-ruby (1.0.5)
    consistency_fail (0.3.6)
    crass (1.0.4)
    devise (4.5.0)
      bcrypt (~> 3.0)
      orm_adapter (~> 0.1)
      railties (>= 4.1.0, < 6.0)
      responders
      warden (~> 1.2.3)
    devise-multi_email (2.0.1)
      devise
    devise_masquerade (0.6.5)
      devise (>= 2.1.0)
      railties (>= 3.0)
    diff-lcs (1.3)
    docile (1.3.1)
    docker-api (1.34.2)
      excon (>= 0.47.0)
      multi_json
    domain_name (0.5.20180417)
      unf (>= 0.0.5, < 1.0.0)
    edge (0.5.1)
      activerecord (>= 4.1.0)
    ejs (1.1.1)
    email_spec (2.2.0)
      htmlentities (~> 4.3.3)
      launchy (~> 2.1)
      mail (~> 2.7)
    erubi (1.7.1)
    excon (0.62.0)
    execjs (2.7.0)
    exifr (1.3.4)
    factory_bot (4.11.1)
      activesupport (>= 3.0.0)
    factory_bot_rails (4.11.1)
      factory_bot (~> 4.11.1)
      railties (>= 3.0.0)
    faraday (0.12.2)
      multipart-post (>= 1.2, < 3)
    ffi (1.9.25)
    filename (0.1.2)
    font-awesome-rails (4.7.0.4)
      railties (>= 3.2, < 6.0)
    friendly_id (5.2.4)
      activerecord (>= 4.0.0)
    fspath (3.1.0)
    globalid (0.4.1)
      activesupport (>= 4.2.0)
    hashie (3.5.7)
    high_voltage (3.1.0)
    highline (2.0.0)
    html-pipeline (2.8.4)
      activesupport (>= 2)
      nokogiri (>= 1.4)
    html-pipeline-rouge_filter (1.0.7)
      activesupport
      html-pipeline (>= 1.11)
      rouge (>= 2.0.0, < 4)
    htmlentities (4.3.4)
    http-cookie (1.0.3)
      domain_name (~> 0.5)
    http_accept_language (2.1.1)
    i18n (1.1.1)
      concurrent-ruby (~> 1.0)
    i18n-js (3.0.11)
      i18n (>= 0.6.6, < 2)
    i18n-tasks (0.9.25)
      activesupport (>= 4.0.2)
      ast (>= 2.1.0)
      erubi
      highline (>= 2.0.0)
      i18n
      parser (>= 2.2.3.0)
      rainbow (>= 2.2.2, < 4.0)
      terminal-table (>= 1.5.1)
    image_optim (0.26.1)
      exifr (~> 1.2, >= 1.2.2)
      fspath (~> 3.0)
      image_size (~> 1.5)
      in_threads (~> 1.3)
      progress (~> 3.0, >= 3.0.1)
    image_optim_rails (0.4.1)
      image_optim (~> 0.24)
      rails
      sprockets
    image_size (1.5.0)
    in_threads (1.5.0)
    io-like (0.3.0)
    its-it (1.3.0)
    jbuilder (2.7.0)
      activesupport (>= 4.2.0)
      multi_json (>= 1.2)
    jmespath (1.4.0)
    join_dependency (0.1.2)
      activerecord (>= 4.2.0)
    jquery-rails (4.3.3)
      rails-dom-testing (>= 1, < 3)
      railties (>= 4.2.0)
      thor (>= 0.14, < 2.0)
    js-routes (1.4.4)
      railties (>= 3.2)
      sprockets-rails
    json (2.1.0)
    jwt (1.5.6)
    kaminari (1.1.1)
      activesupport (>= 4.1.0)
      kaminari-actionview (= 1.1.1)
      kaminari-activerecord (= 1.1.1)
      kaminari-core (= 1.1.1)
    kaminari-actionview (1.1.1)
      actionview
      kaminari-core (= 1.1.1)
    kaminari-activerecord (1.1.1)
      activerecord
      kaminari-core (= 1.1.1)
    kaminari-core (1.1.1)
    key_struct (0.4.2)
    launchy (2.4.3)
      addressable (~> 2.3)
    listen (3.1.5)
      rb-fsevent (~> 0.9, >= 0.9.4)
      rb-inotify (~> 0.9, >= 0.9.7)
      ruby_dep (~> 1.2)
    lol_dba (2.1.5)
      actionpack (>= 3.0)
      activerecord (>= 3.0)
      railties (>= 3.0)
    loofah (2.2.2)
      crass (~> 1.0.2)
      nokogiri (>= 1.5.9)
    mail (2.7.0)
      mini_mime (>= 0.1.1)
    method_source (0.9.0)
    mime-types (3.1)
      mime-types-data (~> 3.2015)
    mime-types-data (3.2016.0521)
    mini_magick (4.9.2)
    mini_mime (1.0.1)
    mini_portile2 (2.3.0)
    minitest (5.11.3)
    modware (0.1.3)
      key_struct (~> 0.4)
    momentjs-rails (2.20.1)
      railties (>= 3.1)
    multi_json (1.13.1)
    multi_xml (0.6.0)
    multipart-post (2.0.0)
    netrc (0.11.0)
    nio4r (2.3.1)
    nokogiri (1.8.5)
      mini_portile2 (~> 2.3.0)
    nokogumbo (2.0.0)
      nokogiri (~> 1.8, >= 1.8.4)
    oauth2 (1.4.0)
      faraday (>= 0.8, < 0.13)
      jwt (~> 1.0)
      multi_json (~> 1.3)
      multi_xml (~> 0.5)
      rack (>= 1.2, < 3)
    omniauth (1.8.1)
      hashie (>= 3.4.6, < 3.6.0)
      rack (>= 1.6.2, < 3)
    omniauth-facebook (5.0.0)
      omniauth-oauth2 (~> 1.2)
    omniauth-oauth2 (1.5.0)
      oauth2 (~> 1.1)
      omniauth (~> 1.2)
    orm_adapter (0.5.0)
    parallel (1.12.1)
    parallel_tests (2.25.0)
      parallel
    parser (2.5.1.2)
      ast (~> 2.4.0)
    pg (1.1.3)
    polyamorous (1.3.3)
      activerecord (>= 3.0)
    progress (3.4.0)
    public_suffix (3.0.3)
    puma (3.12.0)
    rack (2.0.5)
    rack-proxy (0.6.4)
      rack
    rack-test (1.1.0)
      rack (>= 1.0, < 3)
    rails-controller-testing (1.0.2)
      actionpack (~> 5.x, >= 5.0.1)
      actionview (~> 5.x, >= 5.0.1)
      activesupport (~> 5.x)
    rails-dom-testing (2.0.3)
      activesupport (>= 4.2.0)
      nokogiri (>= 1.6)
    rails-flog (1.4.0)
      anbt-sql-formatter
      awesome_print
      rails (>= 3.2.0)
    rails-html-sanitizer (1.0.4)
      loofah (~> 2.2, >= 2.2.2)
    rails_real_favicon (0.0.11)
      json (>= 1.7, < 3)
      rails (>= 3.1)
      rest-client (~> 2.0)
      rubyzip (~> 1)
    rails_utils (4.0.0)
      rails (>= 3.2)
    rainbow (3.0.0)
    rake (12.3.1)
    rb-fsevent (0.10.3)
    rb-inotify (0.9.10)
      ffi (>= 0.5.0, < 2)
    record_tag_helper (1.0.0)
      actionview (~> 5.x)
    regexp_parser (1.2.0)
    request_store (1.4.1)
      rack (>= 1.4)
    responders (2.4.0)
      actionpack (>= 4.2.0, < 5.3)
      railties (>= 4.2.0, < 5.3)
    rest-client (2.0.2)
      http-cookie (>= 1.0.2, < 2.0)
      mime-types (>= 1.16, < 4.0)
      netrc (~> 0.8)
    rinku (2.0.4)
    rouge (3.1.1)
    rspec (3.8.0)
      rspec-core (~> 3.8.0)
      rspec-expectations (~> 3.8.0)
      rspec-mocks (~> 3.8.0)
    rspec-core (3.8.0)
      rspec-support (~> 3.8.0)
    rspec-expectations (3.8.2)
      diff-lcs (>= 1.2.0, < 2.0)
      rspec-support (~> 3.8.0)
    rspec-html-matchers (0.9.1)
      nokogiri (~> 1)
      rspec (>= 3.0.0.a, < 4)
    rspec-mocks (3.8.0)
      diff-lcs (>= 1.2.0, < 2.0)
      rspec-support (~> 3.8.0)
    rspec-rails (3.8.1)
      actionpack (>= 3.0)
      activesupport (>= 3.0)
      railties (>= 3.0)
      rspec-core (~> 3.8.0)
      rspec-expectations (~> 3.8.0)
      rspec-mocks (~> 3.8.0)
      rspec-support (~> 3.8.0)
    rspec-retry (0.6.1)
      rspec-core (> 3.3)
    rspec-support (3.8.0)
    ruby_dep (1.5.0)
    rubyzip (1.2.2)
    sanitize (5.0.0)
      crass (~> 1.0.2)
      nokogiri (>= 1.8.0)
      nokogumbo (~> 2.0)
    sass (3.5.6)
      sass-listen (~> 4.0.0)
    sass-listen (4.0.0)
      rb-fsevent (~> 0.9, >= 0.9.4)
      rb-inotify (~> 0.9, >= 0.9.7)
    sass-rails (5.0.7)
      railties (>= 4.0.0, < 6)
      sass (~> 3.1)
      sprockets (>= 2.8, < 4.0)
      sprockets-rails (>= 2.0, < 4.0)
      tilt (>= 1.1, < 3)
    schema_monkey (2.1.5)
      activerecord (>= 4.2)
      modware (~> 0.1)
    schema_plus_columns (0.3.0)
      activerecord (>= 4.2, < 5.3)
      its-it (~> 1.2)
      schema_plus_core
      schema_plus_indexes (~> 0.2)
    schema_plus_core (2.2.0)
      activerecord (~> 5.0)
      its-it (~> 1.2)
      schema_monkey (~> 2.1)
    schema_plus_indexes (0.3.0)
      activerecord (>= 4.2, < 5.2)
      its-it (~> 1.2)
      schema_plus_core
    schema_plus_pg_indexes (0.3.1)
      activerecord (~> 5.0, >= 5.0.1)
      its-it (~> 1.2)
      schema_plus_core (~> 2.0)
      schema_plus_indexes (~> 0.2, >= 0.2.4)
    schema_validations (2.3.0)
      activerecord (~> 5.0)
      schema_plus_columns
      valuable
    selenium-webdriver (3.13.0)
      childprocess (~> 0.5)
      rubyzip (~> 1.2)
    settings_on_rails (0.3.1)
      activerecord (>= 3.1)
    should_not (1.1.0)
    shoulda-matchers (3.1.2)
      activesupport (>= 4.0.0)
    simple_form (4.0.1)
      actionpack (>= 5.0)
      activemodel (>= 5.0)
    simplecov (0.16.1)
      docile (~> 1.1)
      json (>= 1.8, < 3)
      simplecov-html (~> 0.10.0)
    simplecov-html (0.10.2)
    slim (4.0.1)
      temple (>= 0.7.6, < 0.9)
      tilt (>= 2.0.6, < 2.1)
    slim-rails (3.2.0)
      actionpack (>= 3.1)
      railties (>= 3.1)
      slim (>= 3.0, < 5.0)
    spring (2.0.2)
      activesupport (>= 4.2)
    sprockets (3.7.2)
      concurrent-ruby (~> 1.0)
      rack (> 1, < 3)
    sprockets-rails (3.2.1)
      actionpack (>= 4.0)
      activesupport (>= 4.0)
      sprockets (>= 3.0.0)
    summernote-rails (0.8.10.0)
      railties (>= 3.1)
    temple (0.8.0)
    terminal-table (1.8.0)
      unicode-display_width (~> 1.1, >= 1.1.1)
    thor (0.20.0)
    thread_safe (0.3.6)
    tilt (2.0.8)
    traceroute (0.7.1)
      rails (>= 3.0.0)
    twitter-typeahead-rails (0.11.1)
      actionpack (>= 3.1)
      jquery-rails
      railties (>= 3.1)
    tzinfo (1.2.5)
      thread_safe (~> 0.1)
    uglifier (4.1.19)
      execjs (>= 0.3.0, < 3)
    unf (0.1.4)
      unf_ext
    unf_ext (0.0.7.5)
    unicode-display_width (1.4.0)
    uniform_notifier (1.11.0)
    unread (0.10.1)
      activerecord (>= 3)
    url (0.3.2)
    validates_hostname (1.0.8)
      activerecord (>= 3.0)
      activesupport (>= 3.0)
    valuable (0.9.14)
    warden (1.2.7)
      rack (>= 1.0)
    webpacker (3.5.5)
      activesupport (>= 4.2)
      rack-proxy (>= 0.6.1)
      railties (>= 4.2)
    websocket-driver (0.6.5)
      websocket-extensions (>= 0.1.0)
    websocket-extensions (0.1.3)
    workflow (1.2.0)
    xpath (3.2.0)
      nokogiri (~> 1.8)
    yard (0.9.16)

PLATFORMS
  ruby

DEPENDENCIES
  active_record-acts_as!
  active_record_upsert
  activerecord-import (>= 0.2.0)
  activerecord-userstamp!
  acts_as_tenant
  after_commit_action
  autoprefixer-rails
  aws-sdk-s3
  baby_squeel
  bootstrap-sass
  bootstrap-sass-extras (>= 0.0.7)!
  bootstrap-select-rails
  bootstrap3-datetimepicker-rails
  bootstrap_tokenfield_rails
  bullet (>= 4.14.9)
  bundler (>= 1.10.3)
  byebug
  calculated_attributes
  cancancan
  cancancan-baby_squeel
  capybara
  capybara-screenshot
  capybara-selenium
  carrierwave
  chromedriver-helper
  cocoon
  codecov
  consistency_fail
  coursemology-polyglot!
  devise
  devise-multi_email
  devise_masquerade
  docker-api
  edge
  ejs
  email_spec
  factory_bot_rails
  filename
  font-awesome-rails
  friendly_id
  high_voltage
  html-pipeline
  html-pipeline-rouge_filter
  http_accept_language
  i18n-js (>= 3.0.0.rc1)
  i18n-tasks
  image_optim_rails
  jbuilder
  jquery-rails
  js-routes
  kaminari
  listen (~> 3.1.5)
  lol_dba
  loofah (>= 2.2.1)
  mini_magick
  nokogiri (>= 1.8.1)
  omniauth
  omniauth-facebook
  parallel_tests
  pg
  puma
  rails (= 5.1.6)!
  rails-controller-testing
  rails-flog
  rails-html-sanitizer (>= 1.0.4)
  rails_real_favicon
  rails_utils (>= 3.3.3)
  record_tag_helper
  rinku
  rspec-html-matchers
  rspec-rails
  rspec-retry
  rubyzip
  rwordnet!
  sanitize (>= 4.6.3)
  sass-rails
  schema_plus_columns
  schema_plus_indexes
  schema_plus_pg_indexes
  schema_validations
  settings_on_rails
  should_not
  shoulda-matchers
  simple_form
  simple_form-bootstrap!
  simplecov
  slim-rails
  spring
  summernote-rails
  themes_on_rails (>= 0.3.1)!
  traceroute
  twitter-typeahead-rails
  tzinfo-data
  uglifier (>= 1.3.0)
  unread
  validates_hostname
  wdm (>= 0.0.3)
  webpacker (<= 3.5.6)
  workflow
  yard

BUNDLED WITH
   1.16.6
